GEM
  remote: http://rubygems.org/
  specs:
    albacore (0.2.7)
      rubyzip (~> 0.9)
    rake (0.9.2.2)
    rubyzip (0.9.6.1)
    semver2 (2.0.0)

PLATFORMS
  java
  x86-mingw32

DEPENDENCIES
  albacore
  bundler
  rake
  semver2
